PATH
  remote: .
  specs:
    Connect4 (0.0.0)

GEM
  remote: https://rubygems.org/
  specs:
    atk (3.3.5)
      glib2 (= 3.3.5)
    cairo (1.16.4)
      native-package-installer (>= 1.0.3)
      pkg-config (>= 1.2.2)
    cairo-gobject (3.3.5)
      cairo (>= 1.16.2)
      glib2 (= 3.3.5)
    gdk3 (3.3.5)
      cairo-gobject (= 3.3.5)
      gdk_pixbuf2 (= 3.3.5)
      pango (= 3.3.5)
    gdk_pixbuf2 (3.3.5)
      gio2 (= 3.3.5)
    gio2 (3.3.5)
      gobject-introspection (= 3.3.5)
    glib2 (3.3.5)
      native-package-installer (>= 1.0.3)
      pkg-config (>= 1.3.5)
    gobject-introspection (3.3.5)
      glib2 (= 3.3.5)
    gtk3 (3.3.5)
      atk (= 3.3.5)
      gdk3 (= 3.3.5)
      gdk_pixbuf2 (= 3.3.5)
      gio2 (= 3.3.5)
      pango (= 3.3.5)
    native-package-installer (1.0.7)
    pango (3.3.5)
      cairo-gobject (= 3.3.5)
      gobject-introspection (= 3.3.5)
    pkg-config (1.3.7)
    power_assert (1.1.3)
    rake (12.3.2)
    test-unit (3.3.0)
      power_assert

PLATFORMS
  ruby

DEPENDENCIES
  Connect4!
  gtk3
  rake
  test-unit

RUBY VERSION
   ruby 2.5.3p105

BUNDLED WITH
   2.0.1
